GEM
  remote: http://rubygems.org/
  specs:
    active_support (3.0.0)
      activesupport (= 3.0.0)
    activesupport (3.0.0)
    json (1.7.7)
    rack (1.5.2)
    redis (3.0.2)

PLATFORMS
  ruby

DEPENDENCIES
  active_support (~> 3.0.0)
  json (~> 1.7.7)
  rack (~> 1.5.2)
  redis (~> 3.0.2)
